GEM
  remote: http://rubygems.org/
  specs:
    elasticsearch (7.5.0)
      elasticsearch-api (= 7.5.0)
      elasticsearch-transport (= 7.5.0)
    elasticsearch-api (7.5.0)
      multi_json
    elasticsearch-transport (7.5.0)
      faraday (>= 0.14, < 1)
      multi_json
    faraday (0.17.4)
      multipart-post (>= 1.2, < 3)
    libv8 (3.16.14.19)
    mimemagic (0.3.10)
      nokogiri (~> 1)
      rake
    mini_portile2 (2.6.1)
    multi_json (1.15.0)
    multipart-post (2.1.1)
    nio4r (2.5.8)
    nokogiri (1.12.5)
      mini_portile2 (~> 2.6.1)
      racc (~> 1.4)
    puma (5.5.2)
      nio4r (~> 2.0)
    racc (1.6.0)
    rack (2.2.3)
    rack-rewrite (1.5.1)
    rake (13.0.6)
    ref (2.0.0)
    sendgrid-ruby (1.1.6)
      faraday (~> 0.9)
      mimemagic
      smtpapi (~> 0.1)
    smtpapi (0.1.9)
    therubyracer (0.12.3)
      libv8 (~> 3.16.14.15)
      ref

PLATFORMS
  ruby

DEPENDENCIES
  elasticsearch
  mimemagic (~> 0.3.7)
  puma
  rack
  rack-rewrite
  sendgrid-ruby (< 3.0)
  therubyracer

RUBY VERSION
   ruby 2.6.7p197

BUNDLED WITH
   1.17.2
